PATH
  remote: .
  specs:
    groundworkcss (0.1)

GEM
  remote: https://rubygems.org/
  specs:

PLATFORMS
  ruby

DEPENDENCIES
  groundworkcss!
